GEM
  remote: http://rubygems.org/
  specs:
    base64 (0.1.1)
    concurrent-ruby (1.2.2)
    deep_merge (1.2.2)
    diff-lcs (1.1.3)
    facter (4.5.0)
      hocon (~> 1.3)
      thor (>= 1.0.1, < 2.0)
    faraday (2.7.11)
      base64
      faraday-net_http (>= 2.0, < 3.1)
      ruby2_keywords (>= 0.0.4)
    faraday-follow_redirects (0.3.0)
      faraday (>= 1, < 3)
    faraday-net_http (3.0.2)
    fast_gettext (1.8.0)
    hiera (3.12.0)
    hocon (1.4.0)
    httpclient (2.8.3)
    librarian-puppet (5.0.0)
      librarianp (>= 0.6.3)
      puppet_forge (>= 2.1, < 5)
      rsync
    librarianp (1.1.2)
      thor (~> 1.0)
    locale (2.1.3)
    metaclass (0.0.1)
    minitar (0.9)
    mocha (0.13.0)
      metaclass (~> 0.0.1)
    multi_json (1.15.0)
    puppet (6.25.1)
      concurrent-ruby (~> 1.0)
      deep_merge (~> 1.0)
      facter (> 2.0.1, < 5)
      fast_gettext (~> 1.1)
      hiera (>= 3.2.1, < 4)
      httpclient (~> 2.8)
      locale (~> 2.1)
      multi_json (~> 1.10)
      puppet-resource_api (~> 1.5)
      semantic_puppet (~> 1.0)
    puppet-resource_api (1.9.0)
      hocon (>= 1.0)
    puppet_forge (4.1.0)
      faraday (~> 2.0)
      faraday-follow_redirects (~> 0.3.0)
      minitar
      semantic_puppet (~> 1.0)
    puppetlabs_spec_helper (0.3.0)
      mocha (>= 0.10.5)
      rake
      rspec (>= 2.9.0)
      rspec-puppet (>= 0.1.1)
    rake (10.0.0)
    rspec (2.12.0)
      rspec-core (~> 2.12.0)
      rspec-expectations (~> 2.12.0)
      rspec-mocks (~> 2.12.0)
    rspec-core (2.12.0)
    rspec-expectations (2.12.0)
      diff-lcs (~> 1.1.3)
    rspec-mocks (2.12.0)
    rspec-puppet (0.1.5)
      rspec
    rsync (1.0.9)
    ruby2_keywords (0.0.5)
    semantic_puppet (1.1.0)
    thor (1.3.0)

PLATFORMS
  ruby

DEPENDENCIES
  librarian-puppet (>= 0.9.3)
  puppet (~> 6.25.1)
  puppetlabs_spec_helper (~> 0.3.0)
  rake (>= 0.9.2.2)
  rspec-puppet (>= 0.1.5)
