GEM
  remote: http://rubygems.org/
  specs:
    base64 (0.1.1)
    diff-lcs (1.1.3)
    facter (1.6.14)
    faraday (2.7.11)
      base64
      faraday-net_http (>= 2.0, < 3.1)
      ruby2_keywords (>= 0.0.4)
    faraday-follow_redirects (0.3.0)
      faraday (>= 1, < 3)
    faraday-net_http (3.0.2)
    hiera (1.0.0)
    librarian-puppet (5.0.0)
      librarianp (>= 0.6.3)
      puppet_forge (>= 2.1, < 5)
      rsync
    librarianp (1.1.2)
      thor (~> 1.0)
    metaclass (0.0.1)
    minitar (0.9)
    mocha (0.13.0)
      metaclass (~> 0.0.1)
    puppet (3.0.1)
      facter (~> 1.6.11)
      hiera (~> 1.0.0)
    puppet_forge (4.1.0)
      faraday (~> 2.0)
      faraday-follow_redirects (~> 0.3.0)
      minitar
      semantic_puppet (~> 1.0)
    puppetlabs_spec_helper (0.3.0)
      mocha (>= 0.10.5)
      rake
      rspec (>= 2.9.0)
      rspec-puppet (>= 0.1.1)
    rake (12.3.3)
    rspec (2.12.0)
      rspec-core (~> 2.12.0)
      rspec-expectations (~> 2.12.0)
      rspec-mocks (~> 2.12.0)
    rspec-core (2.12.0)
    rspec-expectations (2.12.0)
      diff-lcs (~> 1.1.3)
    rspec-mocks (2.12.0)
    rspec-puppet (0.1.5)
      rspec
    rsync (1.0.9)
    ruby2_keywords (0.0.5)
    semantic_puppet (1.1.0)
    thor (1.3.0)

PLATFORMS
  ruby

DEPENDENCIES
  librarian-puppet (>= 0.9.3)
  puppet (~> 3.0.1)
  puppetlabs_spec_helper (~> 0.3.0)
  rake (>= 0.9.2.2)
  rspec-puppet (>= 0.1.5)
